GEM
  remote: https://rubygems.org/
  specs:
    colorize (1.1.0)
    json (2.10.1)
    terminal-table (4.0.0)
      unicode-display_width (>= 1.1.1, < 4)
    unicode-display_width (3.1.4)
      unicode-emoji (~> 4.0, >= 4.0.4)
    unicode-emoji (4.0.4)

PLATFORMS
  ruby
  x86_64-linux

DEPENDENCIES
  colorize (~> 1.1)
  json (~> 2.10)
  terminal-table (~> 4.0)

BUNDLED WITH
   2.5.7
